GEM
  remote: https://rubygems.org/
  specs:
    activemodel (6.0.3.4)
      activesupport (= 6.0.3.4)
    activerecord (6.0.3.4)
      activemodel (= 6.0.3.4)
      activesupport (= 6.0.3.4)
    activesupport (6.0.3.4)
      concurrent-ruby (~> 1.0, >= 1.0.2)
      i18n (>= 0.7, < 2)
      minitest (~> 5.1)
      tzinfo (~> 1.1)
      zeitwerk (~> 2.2, >= 2.2.2)
    addressable (2.7.0)
      public_suffix (>= 2.0.2, < 5.0)
    coderay (1.1.3)
    concurrent-ruby (1.1.7)
    domain_name (0.5.20190701)
      unf (>= 0.0.5, < 1.0.0)
    http-cookie (1.0.3)
      domain_name (~> 0.5)
    i18n (1.8.5)
      concurrent-ruby (~> 1.0)
    json (1.8.6)
    method_source (1.0.0)
    mime-types (2.99.3)
    minitest (5.14.2)
    mustermann (1.1.1)
      ruby2_keywords (~> 0.0.1)
    nba_stats (0.9.3)
      addressable (~> 2.3)
      json (~> 1.8)
      rest-client (~> 1.7)
    netrc (0.11.0)
    pry (0.13.1)
      coderay (~> 1.1)
      method_source (~> 1.0)
    public_suffix (4.0.6)
    rack (2.2.3)
    rack-protection (2.1.0)
      rack
    require_all (3.0.0)
    rest-client (1.8.0)
      http-cookie (>= 1.0.2, < 2.0)
      mime-types (>= 1.16, < 3.0)
      netrc (~> 0.7)
    ruby2_keywords (0.0.2)
    sinatra (2.1.0)
      mustermann (~> 1.0)
      rack (~> 2.2)
      rack-protection (= 2.1.0)
      tilt (~> 2.0)
    sinatra-activerecord (2.0.21)
      activerecord (>= 4.1)
      sinatra (>= 1.0)
    sqlite3 (1.4.2)
    thread_safe (0.3.6)
    tilt (2.0.10)
    tzinfo (1.2.8)
      thread_safe (~> 0.1)
    unf (0.1.4)
      unf_ext
    unf_ext (0.0.7.7)
    zeitwerk (2.4.2)

PLATFORMS
  ruby

DEPENDENCIES
  nba_stats
  pry
  require_all
  sinatra-activerecord
  sqlite3

BUNDLED WITH
   2.1.4
